GEM
  remote: https://rubygems.org/
  specs:
    addressable (2.3.8)
    http (0.8.4)
      addressable (~> 2.3)
      http-form_data (~> 1.0.1)
      http_parser.rb (~> 0.6.0)
    http-form_data (1.0.1)
    http_parser.rb (0.6.0)
    json (1.8.2)
    mini_portile (0.6.2)
    nokogiri (1.6.6.2)
      mini_portile (~> 0.6.0)

PLATFORMS
  ruby

DEPENDENCIES
  http
  json
  nokogiri
